PATH
  remote: .
  specs:
    rapidity (0.0.6)
      activesupport
      connection_pool
      redis

GEM
  remote: https://rubygems.org/
  specs:
    activesupport (7.0.3)
      concurrent-ruby (~> 1.0, >= 1.0.2)
      i18n (>= 1.6, < 2)
      minitest (>= 5.1)
      tzinfo (~> 2.0)
    addressable (2.8.0)
      public_suffix (>= 2.0.2, < 5.0)
    ansi (1.5.0)
    ast (2.4.2)
    awesome_print (1.9.2)
    axiom-types (0.1.1)
      descendants_tracker (~> 0.0.4)
      ice_nine (~> 0.11.0)
      thread_safe (~> 0.3, >= 0.3.1)
    bump (0.10.0)
    byebug (11.1.3)
    coercible (1.0.0)
      descendants_tracker (~> 0.0.1)
    concurrent-ruby (1.1.10)
    connection_pool (2.2.5)
    descendants_tracker (0.0.4)
      thread_safe (~> 0.3, >= 0.3.1)
    diff-lcs (1.5.0)
    docile (1.4.0)
    equalizer (0.0.11)
    erubi (1.10.0)
    flay (2.13.0)
      erubi (~> 1.10)
      path_expander (~> 1.0)
      ruby_parser (~> 3.0)
      sexp_processor (~> 4.0)
    flog (4.6.5)
      path_expander (~> 1.0)
      ruby_parser (~> 3.1, > 3.1.0)
      sexp_processor (~> 4.8)
    i18n (1.10.0)
      concurrent-ruby (~> 1.0)
    ice_nine (0.11.2)
    kwalify (0.7.2)
    launchy (2.5.0)
      addressable (~> 2.7)
    minitest (5.16.1)
    parser (3.1.2.0)
      ast (~> 2.4.1)
    path_expander (1.1.0)
    public_suffix (4.0.7)
    rainbow (3.1.1)
    redis (4.7.0)
    reek (6.1.1)
      kwalify (~> 0.7.0)
      parser (~> 3.1.0)
      rainbow (>= 2.0, < 4.0)
    rspec (3.11.0)
      rspec-core (~> 3.11.0)
      rspec-expectations (~> 3.11.0)
      rspec-mocks (~> 3.11.0)
    rspec-collection_matchers (1.2.0)
      rspec-expectations (>= 2.99.0.beta1)
    rspec-core (3.11.0)
      rspec-support (~> 3.11.0)
    rspec-expectations (3.11.0)
      diff-lcs (>= 1.2.0, < 2.0)
      rspec-support (~> 3.11.0)
    rspec-mocks (3.11.1)
      diff-lcs (>= 1.2.0, < 2.0)
      rspec-support (~> 3.11.0)
    rspec-support (3.11.0)
    rspec_junit_formatter (0.5.1)
      rspec-core (>= 2, < 4, != 2.12.0)
    ruby_parser (3.19.1)
      sexp_processor (~> 4.16)
    rubycritic (4.7.0)
      flay (~> 2.8)
      flog (~> 4.4)
      launchy (>= 2.0.0)
      parser (>= 2.6.0)
      rainbow (~> 3.0)
      reek (~> 6.0, < 7.0)
      ruby_parser (~> 3.8)
      simplecov (>= 0.17.0)
      tty-which (~> 0.4.0)
      virtus (~> 1.0)
    sexp_processor (4.16.1)
    shoulda-matchers (5.1.0)
      activesupport (>= 5.2.0)
    simplecov (0.21.2)
      docile (~> 1.1)
      simplecov-html (~> 0.11)
      simplecov_json_formatter (~> 0.1)
    simplecov-console (0.9.1)
      ansi
      simplecov
      terminal-table
    simplecov-html (0.12.3)
    simplecov_json_formatter (0.1.4)
    terminal-table (3.0.2)
      unicode-display_width (>= 1.1.1, < 3)
    thread_safe (0.3.6)
    timeouter (0.1.3.38794)
    tty-which (0.4.2)
    tzinfo (2.0.4)
      concurrent-ruby (~> 1.0)
    unicode-display_width (2.2.0)
    virtus (1.0.5)
      axiom-types (~> 0.1)
      coercible (~> 1.0)
      descendants_tracker (~> 0.0, >= 0.0.3)
      equalizer (~> 0.0, >= 0.0.9)

PLATFORMS
  ruby
  x86_64-linux

DEPENDENCIES
  awesome_print
  bump
  bundler (~> 2.0)
  byebug
  rapidity!
  rspec (~> 3.0)
  rspec-collection_matchers
  rspec_junit_formatter
  rubycritic
  shoulda-matchers
  simplecov
  simplecov-console
  timeouter

BUNDLED WITH
   2.2.27
